GEM
  remote: http://rubygems.org/
  specs:
    haml (3.1.4)
    hashr (0.0.19)
    json (1.6.5)
    rack (1.4.1)
    rack-protection (1.2.0)
      rack
    sinatra (1.3.2)
      rack (~> 1.3, >= 1.3.6)
      rack-protection (~> 1.2)
      tilt (~> 1.3, >= 1.3.3)
    sinatra-respond_to (0.8.0)
      sinatra (~> 1.3)
    tilt (1.3.3)
    travis-lint (1.2.0)
      hashr (>= 0.0.19)

PLATFORMS
  ruby

DEPENDENCIES
  haml (~> 3.1)
  json (~> 1.6)
  sinatra (~> 1.3)
  sinatra-respond_to (~> 0.8)
  travis-lint (>= 1.2)
