GEM
  remote: http://rubygems.org/
  specs:
    haml (3.1.4)
    hashr (0.0.19)
    json (1.6.5)
    rack (1.4.1)
    rack-protection (1.2.0)
      rack
    sass (3.1.12)
    sinatra (1.3.2)
      rack (~> 1.3, >= 1.3.6)
      rack-protection (~> 1.2)
      tilt (~> 1.3, >= 1.3.3)
    tilt (1.3.3)
    travis-lint (1.2.0)
      hashr (>= 0.0.19)

PLATFORMS
  ruby

DEPENDENCIES
  haml (~> 3.1)
  json (~> 1.6)
  sass (~> 3.1)
  sinatra (~> 1.3)
  travis-lint (>= 1.2)
